GEM
  remote: https://rubygems.org/
  specs:
    cgi (0.3.6)
    colorize (1.1.0)
    erb (4.0.3)
      cgi (>= 0.3.3)
    json (2.6.3)
    microsoft_teams_incoming_webhook_ruby (1.0.2)
    optparse (0.3.1)
    yaml (0.2.1)

PLATFORMS
  ruby

DEPENDENCIES
  colorize (~> 1.1)
  erb (~> 4.0)
  json (~> 2.6)
  microsoft_teams_incoming_webhook_ruby (~> 1.0)
  optparse (~> 0.3.1)
  yaml (~> 0.2.1)

BUNDLED WITH
   2.1.4
